GEM
  remote: http://rubygems.org/
  specs:
    bson (1.8.6)
    daemons (1.1.9)
    eventmachine (1.0.0-x86-mingw32)
    geocoder (1.1.6)
    haml (3.1.7)
    hashie (2.0.5)
    json (1.7.7)
    mongo (1.8.6)
      bson (~> 1.8.6)
    multi_json (1.7.4)
    oauth (0.4.7)
    omniauth (1.1.4)
      hashie (>= 1.2, < 3)
      rack
    omniauth-oauth (1.0.1)
      oauth
      omniauth (~> 1.0)
    omniauth-twitter (0.0.16)
      multi_json (~> 1.3)
      omniauth-oauth (~> 1.0)
    rack (1.5.2)
    rack-protection (1.3.2)
      rack
    sinatra (1.3.4)
      rack (~> 1.4)
      rack-protection (~> 1.3)
      tilt (~> 1.3, >= 1.3.3)
    thin (1.5.0)
      daemons (>= 1.0.9)
      eventmachine (>= 0.12.6)
      rack (>= 1.0.0)
    tilt (1.3.3)

PLATFORMS
  x86-mingw32

DEPENDENCIES
  geocoder
  haml
  json (~> 1.7.7)
  mongo
  omniauth-twitter
  sinatra
  thin
